PATH
  remote: .
  specs:
    paid (0.1.0)
      json (~> 1.8.1)
      mime-types (>= 1.25, < 3.0)
      rest-client (~> 1.4)

GEM
  remote: https://rubygems.org/
  specs:
    activesupport (4.2.0)
      i18n (~> 0.7)
      json (~> 1.7, >= 1.7.7)
      minitest (~> 5.1)
      thread_safe (~> 0.3, >= 0.3.4)
      tzinfo (~> 1.1)
    bourne (1.5.0)
      mocha (>= 0.13.2, < 0.15)
    i18n (0.7.0)
    json (1.8.2)
    metaclass (0.0.4)
    mime-types (2.4.3)
    minitest (5.5.1)
    mocha (0.13.3)
      metaclass (~> 0.0.1)
    netrc (0.10.2)
    power_assert (0.2.2)
    rake (10.4.2)
    rest-client (1.7.2)
      mime-types (>= 1.16, < 3.0)
      netrc (~> 0.7)
    shoulda (3.4.0)
      shoulda-context (~> 1.0, >= 1.0.1)
      shoulda-matchers (~> 1.0, >= 1.4.1)
    shoulda-context (1.2.1)
    shoulda-matchers (1.5.6)
      activesupport (>= 3.0.0)
      bourne (~> 1.3)
    test-unit (3.0.9)
      power_assert
    thread_safe (0.3.4)
    tzinfo (1.2.2)
      thread_safe (~> 0.1)

PLATFORMS
  ruby

DEPENDENCIES
  mocha (~> 0.13.2)
  paid!
  rake
  shoulda (~> 3.4.0)
  test-unit
